GEM
  remote: https://rubygems.org/
  specs:
    concurrent-ruby (1.1.7)
    cpf_utils (1.3.1)
    faker (2.12.0)
      i18n (>= 1.6, < 2)
    i18n (1.8.5)
      concurrent-ruby (~> 1.0)
    lerolero (8.7.6)

PLATFORMS
  ruby

DEPENDENCIES
  cpf_utils
  faker
  lerolero

BUNDLED WITH
   1.16.1
